GIT
  remote: git://github.com/livingsocial/rake-pipeline.git
  revision: 27718232227eddd029466b2968f0880c10a18fb4
  specs:
    rake-pipeline (0.8.0)
      json
      rake (~> 10.0.0)
      thor

GIT
  remote: git://github.com/wycats/rake-pipeline-web-filters.git
  revision: d83f54cc0d4e53f9833c31851964e3d8ba00f66a
  specs:
    rake-pipeline-web-filters (0.6.0)
      rack
      rake-pipeline (~> 0.6)

GEM
  remote: http://rubygems.org/
  specs:
    POpen4 (0.1.4)
      Platform (>= 0.4.0)
      open4
    Platform (0.4.0)
    chunky_png (1.2.7)
    compass (0.12.2)
      chunky_png (~> 1.2)
      fssm (>= 0.2.7)
      sass (~> 3.1)
    execjs (1.4.0)
      multi_json (~> 1.0)
    foreman (0.61.0)
      thor (>= 0.13.6)
    fssm (0.2.9)
    json (1.7.6)
    listen (0.7.2)
    multi_json (1.5.0)
    open4 (1.3.0)
    rack (1.4.4)
    rake (10.0.3)
    rb-fsevent (0.9.2)
    rerun (0.7.1)
      listen
    sass (3.2.5)
    thor (0.16.0)
    uglifier (1.3.0)
      execjs (>= 0.3.0)
      multi_json (~> 1.0, >= 1.0.2)
    yui-compressor (0.9.6)
      POpen4 (>= 0.1.4)

PLATFORMS
  ruby

DEPENDENCIES
  compass
  execjs (~> 1.4)
  foreman
  rake-pipeline!
  rake-pipeline-web-filters!
  rb-fsevent (~> 0.9.1)
  rerun
  sass (~> 3.2)
  uglifier (~> 1.3)
  yui-compressor
